GEM
  remote: http://rubygems.org/
  specs:
    bson (1.12.5)
    bson_ext (1.12.5)
      bson (~> 1.12.5)
    mongo (1.12.5)
      bson (= 1.12.5)

PLATFORMS
  ruby

DEPENDENCIES
  bson_ext
  mongo

BUNDLED WITH
   1.11.2
